GEM
  remote: http://rubygems.org/
  specs:
    RedCloth (4.2.8)
    addressable (2.2.6)
    albino (1.3.3)
      posix-spawn (>= 0.3.6)
    chunky_png (1.2.1)
    classifier (1.3.3)
      fast-stemmer (>= 1.0.0)
    compass (0.11.5)
      chunky_png (~> 1.2)
      fssm (>= 0.2.7)
      sass (~> 3.1)
    daemons (1.1.4)
    directory_watcher (1.4.0)
    eventmachine (0.12.10)
    fast-stemmer (1.0.0)
    fssm (0.2.7)
    haml (3.1.2)
    heroku (2.11.0)
      launchy (>= 0.3.2)
      rest-client (~> 1.6.1)
      rubyzip
      term-ansicolor (~> 1.0.5)
    jekyll (0.11.0)
      albino (>= 1.3.2)
      classifier (>= 1.3.1)
      directory_watcher (>= 1.1.1)
      kramdown (>= 0.13.2)
      liquid (>= 1.9.0)
      maruku (>= 0.5.9)
    kramdown (0.13.3)
    launchy (2.0.5)
      addressable (~> 2.2.6)
    liquid (2.2.2)
    maruku (0.6.0)
      syntax (>= 1.0.0)
    mime-types (1.17.2)
    posix-spawn (0.3.6)
    rack (1.3.2)
    rake (0.9.2)
    rdiscount (1.6.8)
    rest-client (1.6.7)
      mime-types (>= 1.16)
    rubypants (0.2.0)
    rubyzip (0.9.5)
    sass (3.1.7)
    sinatra (1.2.6)
      rack (~> 1.1)
      tilt (>= 1.2.2, < 2.0)
    stringex (1.3.0)
    syntax (1.0.0)
    term-ansicolor (1.0.7)
    thin (1.2.11)
      daemons (>= 1.0.9)
      eventmachine (>= 0.12.6)
      rack (>= 1.0.0)
    tilt (1.3.3)

PLATFORMS
  ruby

DEPENDENCIES
  RedCloth
  compass (>= 0.11)
  haml (>= 3.1)
  heroku
  jekyll
  liquid (= 2.2.2)
  rack
  rake
  rdiscount
  rubypants
  sinatra (= 1.2.6)
  stringex
  thin
